PATH
  remote: .
  specs:
    harbor (1.0)
      builder
      jruby-openssl
      jruby-rack
      logging
      mime-types
      tilt
      uuidtools

GEM
  remote: http://rubygems.org/
  specs:
    addressable (2.2.7)
    bouncy-castle-java (1.5.0146.1)
    builder (3.0.0)
    data_objects (0.10.8)
      addressable (~> 2.1)
    do_jdbc (0.10.8-java)
      data_objects (= 0.10.8)
    do_sqlite3 (0.10.8)
      data_objects (= 0.10.8)
    do_sqlite3 (0.10.8-java)
      data_objects (= 0.10.8)
      do_jdbc (= 0.10.8)
      jdbc-sqlite3 (>= 3.5.8)
    erubis (2.7.0)
    jdbc-sqlite3 (3.7.2)
    jruby-openssl (0.7.6.1)
      bouncy-castle-java (>= 1.5.0146.1)
    jruby-rack (1.1.4)
    json (1.6.5)
    json (1.6.5-java)
    little-plugger (1.1.3)
    logging (1.7.0)
      little-plugger (>= 1.1.3)
    macaddr (1.5.0)
      systemu (>= 2.4.0)
    mime-types (1.17.2)
    minitest (2.11.3)
    rack (1.4.1)
    rack-test (0.6.1)
      rack (>= 1.0)
    rake (0.9.2.2)
    rdoc (3.12)
      json (~> 1.4)
    redis (2.2.2)
    redis_directory (1.0.4)
      json
      minitest
      redis
    systemu (2.4.2)
    testdrive (0.2)
    tilt (1.3.3)
    uuid (2.3.5)
      macaddr (~> 1.0)
    uuidtools (2.1.2)

PLATFORMS
  java
  ruby

DEPENDENCIES
  do_sqlite3
  erubis
  harbor!
  rack-test
  rake
  rdoc (>= 2.4.2)
  redis_directory (>= 1.0.4)
  testdrive
  uuid
